PATH
  remote: .
  specs:
    crypto-games (0.1.0)

GEM
  remote: https://rubygems.org/
  specs:
    minitest (5.7.0)
    rake (10.4.2)

PLATFORMS
  ruby

DEPENDENCIES
  bundler (~> 1.10)
  crypto-games!
  minitest
  rake (~> 10.0)

BUNDLED WITH
   1.10.5
